GEM
  remote: https://rubygems.org/
  specs:
    htmlbeautifier (1.3.1)

PLATFORMS
  ruby

DEPENDENCIES
  htmlbeautifier

BUNDLED WITH
   1.15.0
